GEM
  remote: http://rubygems.org/
  specs:
    actionmailer (2.3.5)
      actionpack (= 2.3.5)
    actionpack (2.3.5)
      activesupport (= 2.3.5)
      rack (~> 1.0.0)
    activerecord (2.3.5)
      activesupport (= 2.3.5)
    activeresource (2.3.5)
      activesupport (= 2.3.5)
    activesupport (2.3.5)
    aws-s3 (0.6.2)
      builder
      mime-types
      xml-simple
    babosa (0.2.1)
    builder (2.1.2)
    friendly_id (3.2.0)
      babosa (~> 0.2.1)
    mime-types (1.16)
    mysql (2.8.1)
    paperclip (2.3.3)
      activerecord
      activesupport
    pg (0.10.1)
    rack (1.0.1)
    rails (2.3.5)
      actionmailer (= 2.3.5)
      actionpack (= 2.3.5)
      activerecord (= 2.3.5)
      activeresource (= 2.3.5)
      activesupport (= 2.3.5)
      rake (>= 0.8.3)
    rake (0.8.7)
    xml-simple (1.0.12)

PLATFORMS
  ruby

DEPENDENCIES
  aws-s3
  friendly_id
  mysql
  paperclip (>= 2.3)
  pg
  rails (= 2.3.5)
